GEM
  remote: https://rubygems.org/
  specs:
    addressable (2.7.0)
      public_suffix (>= 2.0.2, < 5.0)
    adsf (1.4.3)
      rack (>= 1.0.0, < 3.0.0)
    builder (3.2.4)
    bundler-audit (0.6.1)
      bundler (>= 1.2.0, < 3)
      thor (~> 0.18)
    celluloid (0.16.0)
      timers (~> 4.0.0)
    coderay (1.1.0)
    colored (1.2)
    concurrent-ruby (1.1.5)
    cri (2.15.9)
    ddmemoize (1.0.0)
      ddmetrics (~> 1.0)
      ref (~> 2.0)
    ddmetrics (1.0.1)
    ddplugin (1.0.2)
    diff-lcs (1.3)
    equatable (0.6.1)
    ffi (1.12.1)
    formatador (0.2.4)
    guard (2.6.1)
      formatador (>= 0.2.4)
      listen (~> 2.7)
      lumberjack (~> 1.0)
      pry (>= 0.9.12)
      thor (>= 0.18.1)
    guard-nanoc (1.0.2)
      guard (>= 1.8.0)
      nanoc (>= 3.6.3)
    hamster (3.0.0)
      concurrent-ruby (~> 1.0)
    hitimes (2.0.0)
    icalendar (2.6.1)
      ice_cube (~> 0.16)
    ice_cube (0.16.3)
    json_schema (0.20.8)
    kramdown (1.3.3)
    listen (2.10.1)
      celluloid (~> 0.16.0)
      rb-fsevent (>= 0.9.3)
      rb-inotify (>= 0.9)
    lumberjack (1.0.5)
    method_source (0.8.2)
    mime-types (3.3.1)
      mime-types-data (~> 3.2015)
    mime-types-data (3.2019.1009)
    minigit (0.0.4)
    nanoc (4.11.14)
      addressable (~> 2.5)
      colored (~> 1.2)
      nanoc-cli (= 4.11.14)
      nanoc-core (= 4.11.14)
      parallel (~> 1.12)
      tty-command (~> 0.8)
      tty-which (~> 0.4)
    nanoc-cli (4.11.14)
      cri (~> 2.15)
      diff-lcs (~> 1.3)
      nanoc-core (= 4.11.14)
      zeitwerk (~> 2.1)
    nanoc-core (4.11.14)
      ddmemoize (~> 1.0)
      ddmetrics (~> 1.0)
      ddplugin (~> 1.0)
      hamster (~> 3.0)
      json_schema (~> 0.19)
      slow_enumerator_tools (~> 1.0)
      tomlrb (~> 1.2)
      tty-platform (~> 0.2)
      zeitwerk (~> 2.1)
    parallel (1.19.1)
    pastel (0.7.3)
      equatable (~> 0.6)
      tty-color (~> 0.5)
    pry (0.9.12.6)
      coderay (~> 1.0)
      method_source (~> 0.8)
      slop (~> 3.4)
    public_suffix (4.0.3)
    rack (2.0.8)
    rb-fsevent (0.9.4)
    rb-inotify (0.10.1)
      ffi (~> 1.0)
    ref (2.0.0)
    rspec (3.8.0)
      rspec-core (~> 3.8.0)
      rspec-expectations (~> 3.8.0)
      rspec-mocks (~> 3.8.0)
    rspec-core (3.8.2)
      rspec-support (~> 3.8.0)
    rspec-expectations (3.8.4)
      diff-lcs (>= 1.2.0, < 2.0)
      rspec-support (~> 3.8.0)
    rspec-mocks (3.8.1)
      diff-lcs (>= 1.2.0, < 2.0)
      rspec-support (~> 3.8.0)
    rspec-support (3.8.2)
    slop (3.5.0)
    slow_enumerator_tools (1.1.0)
    thor (0.20.3)
    timecop (0.9.1)
    timers (4.0.4)
      hitimes
    tomlrb (1.2.9)
    tty-color (0.5.0)
    tty-command (0.9.0)
      pastel (~> 0.7.0)
    tty-platform (0.3.0)
    tty-which (0.4.2)
    zeitwerk (2.2.2)

PLATFORMS
  ruby

DEPENDENCIES
  adsf
  builder
  bundler-audit
  guard
  guard-nanoc
  icalendar
  kramdown
  listen
  mime-types
  minigit
  nanoc (~> 4.11)
  rack
  rb-fsevent
  rspec
  timecop

BUNDLED WITH
   1.16.6
